GEM
  remote: http://rubygems.org/
  specs:
    activemodel (7.0.3.1)
      activesupport (= 7.0.3.1)
    activerecord (7.0.3.1)
      activemodel (= 7.0.3.1)
      activesupport (= 7.0.3.1)
    activesupport (7.0.3.1)
      concurrent-ruby (~> 1.0, >= 1.0.2)
      i18n (>= 1.6, < 2)
      minitest (>= 5.1)
      tzinfo (~> 2.0)
    addressable (2.8.0)
      public_suffix (>= 2.0.2, < 5.0)
    artifactory (3.0.15)
    ast (2.4.2)
    aws-eventstream (1.2.0)
    aws-partitions (1.616.0)
    aws-sdk-codecommit (1.51.0)
      aws-sdk-core (~> 3, >= 3.127.0)
      aws-sigv4 (~> 1.1)
    aws-sdk-core (3.132.0)
      aws-eventstream (~> 1, >= 1.0.2)
      aws-partitions (~> 1, >= 1.525.0)
      aws-sigv4 (~> 1.1)
      jmespath (~> 1, >= 1.6.1)
    aws-sdk-ecr (1.56.0)
      aws-sdk-core (~> 3, >= 3.127.0)
      aws-sigv4 (~> 1.1)
    aws-sigv4 (1.5.1)
      aws-eventstream (~> 1, >= 1.0.2)
    backticks (1.0.3)
    bcrypt (3.1.18)
    bson (4.15.0)
    builder (3.2.4)
    citrus (3.0.2)
    commonmarker (0.23.5)
    concurrent-ruby (1.1.10)
    date (3.2.2)
    delegate (0.2.0)
    dependabot-common (0.205.1)
      activesupport (>= 6.0.0)
      aws-sdk-codecommit (~> 1.28)
      aws-sdk-ecr (~> 1.5)
      bundler (>= 1.16, < 3.0.0)
      commonmarker (>= 0.20.1, < 0.24.0)
      docker_registry2 (~> 1.7, >= 1.7.1)
      excon (~> 0.75)
      faraday (= 2.3.0)
      gitlab (= 4.19.0)
      nokogiri (~> 1.8)
      octokit (>= 4.6, < 6.0)
      parser (>= 2.5, < 4.0)
      toml-rb (>= 1.1.2, < 3.0)
    dependabot-python (0.205.1)
      dependabot-common (= 0.205.1)
    diff-lcs (1.5.0)
    docker (0.4.0)
      backticks (~> 1.0.0)
    docker-api (2.2.0)
      excon (>= 0.47.0)
      multi_json
    docker-compose (1.1.13)
      backticks (~> 1.0)
    docker_registry2 (1.11.0)
      rest-client (>= 1.8.0)
    domain_name (0.5.20190701)
      unf (>= 0.0.5, < 1.0.0)
    excon (0.92.4)
    faraday (2.3.0)
      faraday-net_http (~> 2.0)
      ruby2_keywords (>= 0.0.4)
    faraday-net_http (2.1.0)
    ffi (1.15.5)
    ffi-compiler (1.0.1)
      ffi (>= 1.0.0)
      rake
    git (1.12.0)
      addressable (~> 2.8)
      rchardet (~> 1.8)
    gitlab (4.19.0)
      httparty (~> 0.20)
      terminal-table (>= 1.5.1)
    http-2 (0.11.0)
    http (2.2.2)
      addressable (~> 2.3)
      http-cookie (~> 1.0)
      http-form_data (~> 1.0.1)
      http_parser.rb (~> 0.6.0)
    http-accept (1.7.0)
    http-cookie (1.0.5)
      domain_name (~> 0.5)
    http-form_data (1.0.3)
    http-parser (1.2.3)
      ffi-compiler (>= 1.0, < 2.0)
    http_parser.rb (0.6.0)
    httparty (0.20.0)
      mime-types (~> 3.0)
      multi_xml (>= 0.5.2)
    httpclient (2.8.3)
    i18n (1.12.0)
      concurrent-ruby (~> 1.0)
    jmespath (1.6.1)
    json (2.6.2)
    jwt (2.4.1)
    mail (2.7.1)
      mini_mime (>= 0.1.1)
    matrix (0.4.2)
    mime-types (3.4.1)
      mime-types-data (~> 3.2015)
    mime-types-data (3.2022.0105)
    mini_mime (1.1.2)
    minio-ruby (0.1.3)
      http (~> 2.0)
    minitest (5.16.2)
    mongo (2.18.1)
      bson (>= 4.14.1, < 5.0.0)
    multi_json (1.15.0)
    multi_xml (0.6.0)
    netrc (0.11.0)
    nokogiri (1.13.8-aarch64-linux)
      racc (~> 1.4)
    nokogiri (1.13.8-x86_64-linux)
      racc (~> 1.4)
    oauth (0.5.10)
    oauth2 (1.4.10)
      faraday (>= 0.17.3, < 3.0)
      jwt (>= 1.0, < 3.0)
      multi_json (~> 1.3)
      multi_xml (~> 0.5)
      rack (>= 1.2, < 3)
    octokit (5.2.0)
      faraday (>= 1, < 3)
      sawyer (~> 0.9)
    openssl (3.0.0)
    parallel (1.22.1)
    parser (3.1.2.1)
      ast (~> 2.4.1)
    php-serialize (1.3.0)
    postgres-pr (0.7.0)
    prometheus (0.1.4)
      activesupport
      settingslogic
      thor
    public_suffix (4.0.7)
    racc (1.6.0)
    rack (2.2.4)
    rake (13.0.6)
    rchardet (1.8.0)
    redis (4.7.1)
    rest-client (2.1.0)
      http-accept (>= 1.7.0, < 2.0)
      http-cookie (>= 1.0.2, < 2.0)
      mime-types (>= 1.16, < 4.0)
      netrc (~> 0.8)
    rspec (3.11.0)
      rspec-core (~> 3.11.0)
      rspec-expectations (~> 3.11.0)
      rspec-mocks (~> 3.11.0)
    rspec-core (3.11.0)
      rspec-support (~> 3.11.0)
    rspec-expectations (3.11.1)
      diff-lcs (>= 1.2.0, < 2.0)
      rspec-support (~> 3.11.0)
    rspec-mocks (3.11.1)
      diff-lcs (>= 1.2.0, < 2.0)
      rspec-support (~> 3.11.0)
    rspec-support (3.11.1)
    ruby-mysql (3.0.1)
    ruby2_keywords (0.0.5)
    sawyer (0.9.2)
      addressable (>= 2.3.5)
      faraday (>= 0.17.3, < 3)
    settingslogic (2.0.9)
    sorcery (0.16.3)
      bcrypt (~> 3.1)
      oauth (~> 0.5, >= 0.5.5)
      oauth2 (~> 1.0, >= 0.8.0)
    terminal-table (3.0.2)
      unicode-display_width (>= 1.1.1, < 3)
    thor (1.2.1)
    toml-rb (2.2.0)
      citrus (~> 3.0, > 3.0)
    tzinfo (2.0.5)
      concurrent-ruby (~> 1.0)
    unf (0.1.4)
      unf_ext
    unf_ext (0.0.8.2)
    unicode-display_width (2.2.0)
    vault (0.17.0)
      aws-sigv4
    zlib (2.1.1)

PLATFORMS
  aarch64-linux
  x86_64-linux

DEPENDENCIES
  activemodel
  activerecord
  activesupport
  addressable
  artifactory
  ast
  aws-sdk-core
  builder
  date
  delegate
  dependabot-python
  docker
  docker-api
  docker-compose
  ffi
  git
  gitlab
  http
  http-2
  http-accept
  http-cookie
  http-parser
  httpclient
  jmespath
  json
  jwt
  mail
  matrix
  mime-types
  minio-ruby
  mongo
  netrc
  nokogiri
  openssl
  parallel
  parser
  php-serialize
  postgres-pr
  prometheus
  rack
  rake
  redis
  rest-client
  rspec
  ruby-mysql
  sorcery
  tzinfo
  vault
  zlib

BUNDLED WITH
   2.2.33
